GEM
  remote: https://rubygems.org/
  specs:
    activesupport (7.0.4.3)
      concurrent-ruby (~> 1.0, >= 1.0.2)
      i18n (>= 1.6, < 2)
      minitest (>= 5.1)
      tzinfo (~> 2.0)
    concurrent-ruby (1.2.2)
    connection_pool (2.2.3)
    dalli (3.2.4)
    dalli-elasticache (1.0.1)
      dalli (>= 2.0.0)
    eventmachine (1.2.7)
    fake_elasticache (0.0.4)
      eventmachine
    i18n (1.12.0)
      concurrent-ruby (~> 1.0)
    minitest (5.18.0)
    tzinfo (2.0.6)
      concurrent-ruby (~> 1.0)

PLATFORMS
  ruby

DEPENDENCIES
  activesupport (>= 6.1.7.3)
  connection_pool
  dalli (>= 3.2.3)
  dalli-elasticache
  fake_elasticache

BUNDLED WITH
   2.1.4
