GEM
  remote: https://rubygems.org/
  specs:
    activesupport (7.0.3.1)
      concurrent-ruby (~> 1.0, >= 1.0.2)
      i18n (>= 1.6, < 2)
      minitest (>= 5.1)
      tzinfo (~> 2.0)
    concurrent-ruby (1.1.10)
    connection_pool (2.2.3)
    dalli (2.7.11)
    dalli-elasticache (0.2.0)
      dalli (>= 1.0.0)
    eventmachine (1.2.7)
    fake_elasticache (0.0.4)
      eventmachine
    i18n (1.12.0)
      concurrent-ruby (~> 1.0)
    minitest (5.16.2)
    tzinfo (2.0.5)
      concurrent-ruby (~> 1.0)

PLATFORMS
  ruby

DEPENDENCIES
  activesupport
  connection_pool
  dalli
  dalli-elasticache
  fake_elasticache

BUNDLED WITH
   2.1.4
